GEM
  remote: https://rubygems.org/
  specs:
    rack (2.0.1)

RUBY VERSION
  ruby 3.1.1

PLATFORMS
  ruby

DEPENDENCIES
  rack

BUNDLED WITH
   1.13.6
