GEM
  remote: https://rubygems.org/
  specs:
    rack (3.1.1)

PLATFORMS
  ruby

DEPENDENCIES
  rack

BUNDLED WITH
   1.17.3
