GEM
  remote: https://rubygems.org/
  specs:
    rack (3.0.0)

PLATFORMS
  ruby

DEPENDENCIES
  rack

BUNDLED WITH
   1.13.6
